GEM
  remote: http://rubygems.org/
  specs:
    activesupport (4.0.0)
      i18n (~> 0.6, >= 0.6.4)
      minitest (~> 4.2)
      multi_json (~> 1.3)
      thread_safe (~> 0.1)
      tzinfo (~> 0.3.37)
    addressable (2.3.5)
    atomic (1.1.14)
    backports (3.3.5)
    diff-lcs (1.2.4)
    i18n (0.6.5)
    json (1.8.1)
    mime-types (1.25)
    mini_portile (0.5.2)
    minitest (4.7.5)
    multi_json (1.8.2)
    nokogiri (1.6.0)
      mini_portile (~> 0.5.0)
    rest-client (1.6.7)
      mime-types (>= 1.16)
    rspec (2.14.1)
      rspec-core (~> 2.14.0)
      rspec-expectations (~> 2.14.0)
      rspec-mocks (~> 2.14.0)
    rspec-core (2.14.6)
    rspec-expectations (2.14.3)
      diff-lcs (>= 1.1.3, < 2.0)
    rspec-mocks (2.14.4)
    ruby-filemagic (0.4.2)
    ruby_odata (0.1.4)
      activesupport (>= 3.0.0)
      addressable (>= 2.3.4)
      backports (>= 2.3.0)
      i18n (~> 0.6.0)
      nokogiri (>= 1.4.2)
      rest-client (>= 1.5.1)
    thread_safe (0.1.3)
      atomic
    tzinfo (0.3.38)

PLATFORMS
  ruby

DEPENDENCIES
  json
  nokogiri
  rspec
  ruby-filemagic
  ruby_odata
